NUGET
  remote: https://api.nuget.org/v3/index.json
    FSharp.Core (4.3.4) - restriction: >= net471
    FsXaml.Wpf (3.1.6) - restriction: >= net471
    Gjallarhorn (1.2.3) - restriction: >= net471
      FSharp.Core (>= 4.3.4)
    Gjallarhorn.Bindable (1.0.0-beta7) - restriction: >= net471
      FSharp.Core (>= 4.3 < 5.0)
      Gjallarhorn (>= 1.2.1)
    Gjallarhorn.Bindable.Wpf (1.0.0-beta7) - restriction: >= net471
      FSharp.Core (>= 4.3 < 5.0)
      Gjallarhorn (>= 1.2.1)
      Gjallarhorn.Bindable (>= 1.0.0-beta7)
    System.ValueTuple (4.5) - restriction: >= net471
